GEM
  remote: https://rubygems.org/
  specs:
    addressable (2.5.2)
      public_suffix (>= 2.0.2, < 4.0)
    armor (0.0.3)
    cuba (3.9.0)
      rack (>= 1.6.0)
    cuba-contrib (3.1.0)
      cuba (~> 3.1)
    faraday (0.13.1)
      multipart-post (>= 1.2, < 3)
    hiredis (0.6.1)
    mote (1.3.0)
    multipart-post (2.0.0)
    nest (3.1.1)
      redic
    octokit (4.7.0)
      sawyer (~> 0.8.0, >= 0.5.3)
    ohm (3.1.1)
      nest (~> 3)
      redic (~> 1.5.0)
      stal
    ohm-contrib (3.0.0)
      ohm (~> 3.0)
    public_suffix (3.0.1)
    rack (2.0.3)
    rack-protection (2.0.0)
      rack
    redic (1.5.0)
      hiredis
    sawyer (0.8.1)
      addressable (>= 2.3.5, < 2.6)
      faraday (~> 0.8, < 1.0)
    scrivener (1.0.0)
    scrivener_errors (0.0.6)
    shield (2.1.1)
      armor
    shotgun (0.9.2)
      rack (>= 1.0)
    stal (0.3.0)
      redic (~> 1.5)

PLATFORMS
  ruby

DEPENDENCIES
  cuba
  cuba-contrib
  mote
  octokit
  ohm
  ohm-contrib
  rack-protection
  scrivener
  scrivener_errors
  shield
  shotgun

BUNDLED WITH
   1.12.5
